PATH
  remote: .
  specs:
    tebako-bundle-test (0.0.1)
      text-table (~> 1.2.4)

GEM
  remote: https://rubygems.org/
  specs:
    byebug (11.1.3)
    text-table (1.2.4)

PLATFORMS
  ruby
  x86_64-linux

DEPENDENCIES
  byebug
  tebako-bundle-test!

RUBY VERSION
   ruby 3.2.4p170

BUNDLED WITH
   2.4.22
